GEM
  remote: https://rubygems.org/
  specs:
    actionpack (6.1.5.1)
      actionview (= 6.1.5.1)
      activesupport (= 6.1.5.1)
      rack (~> 2.0, >= 2.0.9)
      rack-test (>= 0.6.3)
      rails-dom-testing (~> 2.0)
      rails-html-sanitizer (~> 1.0, >= 1.2.0)
    actionview (6.1.5.1)
      activesupport (= 6.1.5.1)
      builder (~> 3.1)
      erubi (~> 1.4)
      rails-dom-testing (~> 2.0)
      rails-html-sanitizer (~> 1.1, >= 1.2.0)
    activesupport (6.1.5.1)
      concurrent-ruby (~> 1.0, >= 1.0.2)
      i18n (>= 1.6, < 2)
      minitest (>= 5.1)
      tzinfo (~> 2.0)
      zeitwerk (~> 2.3)
    builder (3.2.4)
    concurrent-ruby (1.1.10)
    crass (1.0.6)
    erubi (1.10.0)
    geocoder (1.5.1)
    i18n (1.10.0)
      concurrent-ruby (~> 1.0)
    json (2.2.0)
    loofah (2.16.0)
      crass (~> 1.0.2)
      nokogiri (>= 1.5.9)
    method_source (1.0.0)
    mini_portile2 (2.8.0)
    minitest (5.15.0)
    nokogiri (1.13.4)
      mini_portile2 (~> 2.8.0)
      racc (~> 1.4)
    racc (1.6.0)
    rack (2.2.3)
    rack-proxy (0.6.5)
      rack
    rack-test (1.1.0)
      rack (>= 1.0, < 3)
    rails-dom-testing (2.0.3)
      activesupport (>= 4.2.0)
      nokogiri (>= 1.6)
    rails-html-sanitizer (1.4.2)
      loofah (~> 2.3)
    railties (6.1.5.1)
      actionpack (= 6.1.5.1)
      activesupport (= 6.1.5.1)
      method_source
      rake (>= 12.2)
      thor (~> 1.0)
    rake (13.0.6)
    thor (1.2.1)
    tzinfo (2.0.4)
      concurrent-ruby (~> 1.0)
    webpacker (4.0.7)
      activesupport (>= 4.2)
      rack-proxy (>= 0.6.1)
      railties (>= 4.2)
    zeitwerk (2.5.4)

PLATFORMS
  ruby

DEPENDENCIES
  geocoder
  json
  webpacker

RUBY VERSION
   ruby 2.6.3p62

BUNDLED WITH
   2.0.2
